GIT
  remote: git://github.com/jarredholman/ruby-zstd.git
  revision: a8b00c476ed5f5d934ee66b1e5d87b2c24e9b206
  branch: master
  specs:
    zstd (1.0.0.1)

GEM
  remote: https://rubygems.org/
  specs:
    benchmark-ips (2.7.2)
    ffi (1.9.17)
    io-like (0.3.0)
    lz4-ruby (0.3.3)
    ruby-xz (0.2.3)
      ffi (~> 1.9)
      io-like (~> 0.3)
    snappy (0.0.15)

PLATFORMS
  ruby

DEPENDENCIES
  benchmark-ips
  lz4-ruby
  ruby-xz
  snappy
  zstd!

BUNDLED WITH
   1.14.3
